PATH
  remote: .
  specs:
    ofx (0.3.3)
      nokogiri (> 1.14.1, < 1.16.0)

GEM
  remote: https://rubygems.org/
  specs:
    debug (1.8.0)
      irb (>= 1.5.0)
      reline (>= 0.3.1)
    diff-lcs (1.5.0)
    io-console (0.6.0)
    irb (1.10.1)
      rdoc
      reline (>= 0.3.8)
    mini_portile2 (2.8.0)
    nokogiri (1.14.5)
      mini_portile2 (~> 2.8.0)
      racc (~> 1.4)
    psych (5.1.1.1)
      stringio
    racc (1.6.0)
    rake (13.0.6)
    rdoc (6.6.1)
      psych (>= 4.0.0)
    reline (0.4.1)
      io-console (~> 0.5)
    rspec (3.11.0)
      rspec-core (~> 3.11.0)
      rspec-expectations (~> 3.11.0)
      rspec-mocks (~> 3.11.0)
    rspec-core (3.11.0)
      rspec-support (~> 3.11.0)
    rspec-expectations (3.11.0)
      diff-lcs (>= 1.2.0, < 2.0)
      rspec-support (~> 3.11.0)
    rspec-mocks (3.11.0)
      diff-lcs (>= 1.2.0, < 2.0)
      rspec-support (~> 3.11.0)
    rspec-support (3.11.0)
    stringio (3.1.0)

PLATFORMS
  ruby

DEPENDENCIES
  debug
  ofx!
  rake (~> 13.0.6)
  rspec (~> 3.10)

BUNDLED WITH
   2.4.22
